PATH
  remote: .
  specs:
    erogamescape (0.1.0)
      oga (~> 3.4)

GEM
  remote: https://rubygems.org/
  specs:
    ansi (1.5.0)
    ast (2.4.2)
    minitest (5.21.2)
    oga (3.4)
      ast
      ruby-ll (~> 2.1)
    rake (13.1.0)
    ruby-ll (2.1.3)
      ansi
      ast

PLATFORMS
  arm64-darwin-23
  ruby

DEPENDENCIES
  erogamescape!
  minitest (~> 5.16)
  rake (~> 13.0)

BUNDLED WITH
   2.5.3
